GEM
  remote: https://rubygems.org/
  specs:
    pg (1.2.3)
    rake (13.0.1)
    sequel (5.36.0)

PLATFORMS
  ruby

DEPENDENCIES
  pg (~> 1.2.3)
  rake (~> 13.0)
  sequel (~> 5.34)

BUNDLED WITH
   2.1.4
